GEM
  remote: http://rubygems.org/
  specs:
    activesupport (3.0.10)
    addressable (2.2.6)
    async-rack (0.5.1)
      rack (~> 1.1)
    aws-s3 (0.6.2)
      builder
      mime-types
      xml-simple
    bson (1.4.0)
    builder (3.0.0)
    coffee-script (2.2.0)
      coffee-script-source
      execjs
    coffee-script-source (1.1.2)
    crack (0.2.0)
    cramp (0.15.1)
      activesupport (~> 3.0.9)
      eventmachine (~> 1.0.0.beta.3)
      rack (~> 1.3.2)
      thor (~> 0.14.6)
    daemons (1.1.4)
    em-http-request (1.0.0)
      addressable (>= 2.2.3)
      em-socksify
      eventmachine (>= 1.0.0.beta.3)
      http_parser.rb (>= 0.5.2)
    em-socksify (0.1.0)
      eventmachine
    eventmachine (1.0.0.beta.4)
    execjs (1.2.9)
      multi_json (~> 1.0)
    faraday (0.7.4)
      addressable (~> 2.2.6)
      multipart-post (~> 1.1.0)
      rack (>= 1.1.0, < 2)
    hike (1.2.1)
    http_parser.rb (0.5.2)
    http_router (0.10.2)
      rack (>= 1.0.0)
      url_mount (~> 0.2.1)
    jade-js-source (0.15.4)
    json (1.6.1)
    mime-types (1.16)
    mongo (1.4.0)
      bson (= 1.4.0)
    multi_json (1.0.3)
    multi_xml (0.4.1)
    multipart-post (1.1.3)
    oa-core (0.3.0)
    oa-oauth (0.3.0)
      faraday (~> 0.7.3)
      multi_json (~> 1.0.0)
      multi_xml (~> 0.4.0)
      oa-core (= 0.3.0)
      oauth (~> 0.4.0)
      oauth2 (~> 0.5.0)
    oauth (0.4.5)
    oauth2 (0.5.1)
      faraday (~> 0.7.4)
      multi_json (~> 1.0.3)
    pusher (0.6.0)
      crack
      json
      ruby-hmac
      signature
    rack (1.3.3)
    ruby-hmac (0.4.0)
    sass (3.1.7)
    signature (0.1.2)
      ruby-hmac
    sprockets (2.0.0)
      hike (~> 1.2)
      rack (~> 1.0)
      tilt (!= 1.3.0, ~> 1.1)
    thin (1.2.11)
      daemons (>= 1.0.9)
      eventmachine (>= 0.12.6)
      rack (>= 1.0.0)
    thor (0.14.6)
    tilt (1.3.3)
    tilt-jade (0.0.3)
      execjs
      jade-js-source
      sprockets
      tilt
    typhoeus (0.2.4)
      mime-types
      mime-types
    url_mount (0.2.1)
      rack
    virtus (0.0.8)
    xml-simple (1.1.0)

PLATFORMS
  ruby

DEPENDENCIES
  activesupport
  async-rack
  aws-s3
  coffee-script
  crack (~> 0.2.0)
  cramp
  em-http-request
  http_router
  mongo
  oa-oauth
  pusher
  sass
  sprockets
  thin
  tilt-jade
  typhoeus
  virtus
