GEM
  remote: http://rubygems.org/
  specs:
    activesupport (3.0.10)
    async-rack (0.5.1)
      rack (~> 1.1)
    coffee-script (2.2.0)
      coffee-script-source
      execjs
    coffee-script-source (1.1.2)
    crack (0.3.1)
    cramp (0.15.1)
      activesupport (~> 3.0.9)
      eventmachine (~> 1.0.0.beta.3)
      rack (~> 1.3.2)
      thor (~> 0.14.6)
    daemons (1.1.4)
    eventmachine (1.0.0.beta.4)
    execjs (1.2.9)
      multi_json (~> 1.0)
    hike (1.2.1)
    http_router (0.10.2)
      rack (>= 1.0.0)
      url_mount (~> 0.2.1)
    jade-js-source (0.15.4)
    mime-types (1.16)
    multi_json (1.0.3)
    rack (1.3.3)
    sass (3.1.7)
    sprockets (2.0.0)
      hike (~> 1.2)
      rack (~> 1.0)
      tilt (!= 1.3.0, ~> 1.1)
    thin (1.2.11)
      daemons (>= 1.0.9)
      eventmachine (>= 0.12.6)
      rack (>= 1.0.0)
    thor (0.14.6)
    tilt (1.3.3)
    tilt-jade (0.0.3)
      execjs
      jade-js-source
      sprockets
      tilt
    typhoeus (0.2.4)
      mime-types
      mime-types
    url_mount (0.2.1)
      rack
    virtus (0.0.8)

PLATFORMS
  ruby

DEPENDENCIES
  activesupport
  async-rack
  coffee-script
  crack
  cramp
  http_router
  sass
  sprockets
  thin
  tilt-jade
  typhoeus
  virtus
